REDIRECTS: ON
COPY-LOCAL: TRUE
CONTENT: NONE
FRAMEWORK: NET40, NET45
NUGET
  remote: https://www.nuget.org/api/v2
    gitlink (2.3)
    GitVersionTask (3.6.4)
    Nancy (1.4.3)
    Newtonsoft.Json (9.0.1)
    Shouldly (2.8.2)
    Tavis.Problem (1.0.1)
      Newtonsoft.Json (>= 6.0.8)
    xunit (2.1)
      xunit.assert (2.1)
      xunit.core (2.1)
    xunit.abstractions (2.0) - framework: net45
    xunit.assert (2.1)
    xunit.core (2.1)
      xunit.extensibility.core (2.1) - framework: net45
      xunit.extensibility.execution (2.1) - framework: net45
    xunit.extensibility.core (2.1) - framework: net45
      xunit.abstractions (2.0)
    xunit.extensibility.execution (2.1) - framework: net45
      xunit.extensibility.core (2.1) - framework: net45
